GIT
  remote: https://github.com/cinchrb/cinch.git
  revision: a78bfad4adea7498fcfefc2f1acf84d5e70bcb9c
  specs:
    cinch (2.0.9)

GEM
  remote: https://rubygems.org/
  specs:
    as-notifications (1.0.1)
    celluloid (0.15.1)
      timers (~> 1.1.0)
    celluloid-io (0.15.0)
      celluloid (>= 0.15.0)
      nio4r (>= 0.5.0)
    celluloid-redis (0.0.2)
      celluloid-io (>= 0.13.0.pre)
      redis
    http (0.5.0)
      http_parser.rb
    http_parser.rb (0.6.0.beta.2)
    i18n (0.6.5)
    json (1.8.0)
    multi_json (1.8.0)
    nio4r (0.5.0)
    redis (3.0.4)
    reel (0.4.0)
      celluloid (>= 0.15.1)
      celluloid-io (>= 0.15.0)
      http (>= 0.5.0)
      http_parser.rb (>= 0.6.0.beta.2)
      websocket_parser (>= 0.1.4)
    timers (1.1.0)
    trollop (2.0)
    uuidtools (2.1.4)
    webmachine (1.2.0)
      as-notifications (~> 1.0)
      i18n (>= 0.4.0)
      multi_json
    websocket_parser (0.1.4)
      http

PLATFORMS
  ruby

DEPENDENCIES
  celluloid
  celluloid-redis
  cinch!
  json
  redis
  reel
  trollop
  uuidtools
  webmachine
