GIT
  remote: https://github.com/cinchrb/cinch.git
  revision: a78bfad4adea7498fcfefc2f1acf84d5e70bcb9c
  specs:
    cinch (2.0.9)

GIT
  remote: https://github.com/yipdw/analysand.git
  revision: 4db86d95b7ea2ad0996d942800b19fb9740dcb96
  specs:
    analysand (3.0.0)
      celluloid (~> 0.15.0)
      celluloid-io
      http_parser.rb
      json
      json-stream
      net-http-persistent
      rack
      yajl-ruby

GEM
  remote: https://rubygems.org/
  specs:
    celluloid (0.15.1)
      timers (~> 1.1.0)
    celluloid-io (0.15.0)
      celluloid (>= 0.15.0)
      nio4r (>= 0.5.0)
    celluloid-redis (0.0.2)
      celluloid-io (>= 0.13.0.pre)
      redis
    http (0.5.0)
      http_parser.rb
    http_parser.rb (0.6.0.beta.2)
    json (1.8.0)
    json-stream (0.1.2)
    net-http-persistent (2.9)
    nio4r (0.5.0)
    rack (1.5.2)
    redis (3.0.4)
    reel (0.4.0)
      celluloid (>= 0.15.1)
      celluloid-io (>= 0.15.0)
      http (>= 0.5.0)
      http_parser.rb (>= 0.6.0.beta.2)
      websocket_parser (>= 0.1.4)
    timers (1.1.0)
    trollop (2.0)
    uuidtools (2.1.4)
    websocket_parser (0.1.4)
      http
    yajl-ruby (1.1.0)

PLATFORMS
  ruby

DEPENDENCIES
  analysand!
  celluloid
  celluloid-redis
  cinch!
  json
  redis
  reel
  trollop
  uuidtools
